GEM
  
  specs:
    actionpack (3.1.6)
      activemodel (= 3.1.6)
      activesupport (= 3.1.6)
      builder (~> 3.0.0)
      erubis (~> 2.7.0)
      i18n (~> 0.6)
      rack (~> 1.3.6)
      rack-cache (~> 1.2)
      rack-mount (~> 0.8.2)
      rack-test (~> 0.6.1)
      sprockets (~> 2.0.4)
    activeldap (3.1.1)
      activemodel (~> 3.1.0)
      fast_gettext
      gettext_i18n_rails
      locale
    activemodel (3.1.6)
      activesupport (= 3.1.6)
      builder (~> 3.0.0)
      i18n (~> 0.6)
    activerecord (3.1.6.patched)
      activemodel (= 3.1.6)
      activesupport (= 3.1.6)
      arel (~> 2.2.3)
      tzinfo (~> 0.3.29)
    activerecord-import (0.3.2)
      activerecord (~> 3.0)
    activerecord_use_slave (0.0.5)
      activerecord
    activesupport (3.1.6)
      multi_json (= 1.3)
    addressable (2.3.6)
    amq-client (0.9.2)
      amq-protocol (>= 0.9.0)
      eventmachine
    amq-protocol (1.9.2)
    amqp (0.9.3)
      amq-client (~> 0.9.2)
      amq-protocol (>= 0.9.0)
      eventmachine
    apl-bu-resolver (1.0.15)
      activerecord (~> 3.1)
    apl-client (0.1.3)
      activerecord (~> 3.1)
      sc-core
    apl-id-generator (0.0.19)
      activerecord (~> 3.1)
    apl-library (0.7.7.8)
      activerecord (~> 3.1)
      httpclient
      json-jwt
      sc-core
    apl-metrics (0.1.2)
    apl_id_generator (0.0.6.alpha)
      activerecord (~> 3.1)
    apl_sequencer (0.0.9)
    arel (2.2.3)
    bindata (2.1.0)
    bourne (1.1.2)
      mocha (= 0.10.5)
    builder (3.0.4)
    ci_reporter (1.8.4)
      builder (>= 2.1.2)
    crack (0.4.0)
      safe_yaml (~> 0.9.0)
    daemons (1.1.9)
    dalli (2.1.0)
    database_cleaner (1.3.0)
    decimal-money (5.1.1.patched)
      i18n (~> 0.4)
      json
    diff-lcs (1.2.5)
    docile (1.1.5)
    erubis (2.7.0)
    eventmachine (1.0.6)
    factory_girl (4.5.0)
      activesupport (>= 3.0.0)
    fast_gettext (0.7.0)
    gettext_i18n_rails (1.0.2)
      fast_gettext (>= 0.4.8)
    grit (2.4.1)
      diff-lcs (~> 1.1)
      mime-types (~> 1.15)
    hashie (3.3.1)
    hike (1.2.3)
    http_router (0.10.2)
      rack (>= 1.0.0)
      url_mount (~> 0.2.1)
    httpclient (2.6.0.1)
    i18n (0.7.0)
    idempotency (0.0.6)
    json (1.7.3)
    json-jwt (1.0.0)
      activesupport
      bindata
      multi_json (>= 1.3)
      securecompare
      url_safe_base64
    locale (2.1.0)
    mail (2.3.3)
      i18n (>= 0.4.0)
      mime-types (~> 1.16)
      treetop (~> 1.4.8)
    metaclass (0.0.4)
    mime-types (1.25.1)
    mocha (0.10.5)
      metaclass (~> 0.0.1)
    multi_json (1.3)
    multitenancy (0.0.5)
    mysql2 (0.3.16)
    net-ldap (0.3.1)
    numbers_in_words (0.2.0)
      activesupport
    padrino (0.10.5.patched)
      padrino-admin (= 0.10.5.patched)
      padrino-cache (= 0.10.5.patched)
      padrino-core (= 0.10.5.patched)
      padrino-gen (= 0.10.5.patched)
      padrino-helpers (= 0.10.5.patched)
      padrino-mailer (= 0.10.5.patched)
    padrino-admin (0.10.5.patched)
      padrino-core (= 0.10.5.patched)
      padrino-helpers (= 0.10.5.patched)
    padrino-cache (0.10.5.patched)
      padrino-core (= 0.10.5.patched)
    padrino-core (0.10.5.patched)
      activesupport (~> 3.1.0)
      http_router (~> 0.10.2)
      sinatra (~> 1.3.1)
      thor (~> 0.14.3)
      tilt (~> 1.3.0)
    padrino-gen (0.10.5.patched)
      bundler (~> 1.0)
      grit (~> 2.4.1)
      padrino-core (= 0.10.5.patched)
    padrino-helpers (0.10.5.patched)
      i18n (~> 0.6)
      padrino-core (= 0.10.5.patched)
    padrino-mailer (0.10.5.patched)
      mail (~> 2.3.0)
      padrino-core (= 0.10.5.patched)
    polyglot (0.3.5)
    rack (1.3.6)
    rack-cache (1.2)
      rack (>= 0.4)
    rack-metrics (1.0.4)
      multi_json
      sc-metrics (~> 1.0)
      tracer-client (>= 0.0.3)
    rack-mount (0.8.3)
      rack (>= 1.0.0)
    rack-protection (1.5.3)
      rack
    rack-test (0.6.3)
      rack (>= 1.0)
    rake (10.0.3)
    rest-client (1.6.7)
      activesupport
      mime-types (>= 1.16)
    rubycas-client (2.3.11.patched)
      activesupport
    safe_yaml (0.9.3)
    sc-auth (1.1.1)
      actionpack (~> 3.1.0)
      sc-core (~> 1.0)
      sc-user-data (~> 1.0)
      uuidtools (~> 2.1.3)
    sc-cache (0.0.13)
      dalli (~> 2.1.0)
    sc-core (1.1.67)
      sc-metrics (~> 1.0)
      sc-mq (>= 0.0.78)
    sc-lock (1.0.0)
    sc-metrics (1.0.6)
      activesupport (~> 3.1.0)
    sc-mq (0.1.3.partitioned)
      dalli (~> 2.1.0)
      multitenancy (~> 0.0.4)
      thread
      uuidtools
    sc-rest-client (1.1.0)
      rest-client (~> 1.6.7)
      sc-auth (~> 1.0)
      sc-core (~> 1.0)
      sc-user-data (~> 1.0)
      uuidtools (~> 2.1.3)
    sc-test-core (0.0.95)
      activesupport
      hashie
      rest-client (~> 1.6.7)
    sc-user-data (1.0.1)
    securecompare (1.0.0)
    shoulda (3.3.2)
      shoulda-context (~> 1.0.1)
      shoulda-matchers (~> 1.4.1)
    shoulda-context (1.0.2)
    shoulda-matchers (1.4.2)
      activesupport (>= 3.0.0)
      bourne (~> 1.1.2)
    simplecov (0.9.1)
      docile (~> 1.1.0)
      multi_json (= 1.3)
      simplecov-html (~> 0.8.0)
    simplecov-html (0.8.0)
    simplecov-rcov (0.2.3)
      simplecov (>= 0.4.1)
    sinatra (1.3.3)
      rack (~> 1.3, >= 1.3.6)
      rack-protection (~> 1.2)
      tilt (~> 1.3, >= 1.3.3)
    sinatra-flash (0.3.0)
      sinatra (>= 1.0.0)
    slop (3.6.0)
    slyphon-log4j (1.2.15)
    slyphon-zookeeper_jar (3.3.5)
    sprockets (2.0.4)
      hike (~> 1.2)
      rack (~> 1.0)
      tilt (~> 1.1, != 1.3.0)
    state_machine (1.2.0)
    test-unit (2.4.8)
    thin (1.3.1)
      daemons (>= 1.0.9)
      eventmachine (>= 0.12.6)
      rack (>= 1.0.0)
    thor (0.14.6)
    thread (0.1.4)
    tilt (1.3.7)
    timeliness (0.3.7)
    tracer-client (0.0.7)
      json (>= 1.7.3)
      rest-client (>= 1.6.7)
      uuidtools (>= 2.1.3)
    transaction_isolation (1.0.3)
      activerecord (>= 3.0.11)
    treetop (1.4.15)
      polyglot
      polyglot (>= 0.3.1)
    tzinfo (0.3.42)
    url_mount (0.2.1)
      rack
    url_safe_base64 (0.2.2)
    uuidtools (2.1.5)
    validates_timeliness (3.0.8)
      timeliness (~> 0.3.4)
    webmock (1.8.6)
      addressable (>= 2.2.7)
      crack (>= 0.1.7)
    xml-simple (1.1.4)
    yajl-ruby (1.1.0)
    yard (1.8.7.3)
    yard-padrino (1.0.2)
    zk-lock (0.0.6)
      activerecord (~> 3.1)
      sc-core
      zk-server (= 1.1.6)
      zookeeper
    zk-server (1.1.6)
      bundler (>= 1)
      slop (>= 3.2.0)
      slyphon-log4j (= 1.2.15)
      slyphon-zookeeper_jar (~> 3.3.5)
    zookeeper (1.4.9)

PLATFORMS
  ruby

DEPENDENCIES
  actionpack
  activeldap
  activerecord (= 3.1.6.patched)
  activerecord-import (= 0.3.2)
  activerecord-jdbcmysql-adapter
  activerecord_use_slave (= 0.0.5)
  amqp
  apl-bu-resolver (= 1.0.15)
  apl-client (= 0.1.3)
  apl-id-generator (= 0.0.19)
  apl-library (= 0.7.7.8)
  apl-metrics (= 0.1.2)
  apl_id_generator (= 0.0.6.alpha)
  apl_sequencer (= 0.0.9)
  ci_reporter
  database_cleaner
  decimal-money (= 5.1.1.patched)
  factory_girl
  idempotency (= 0.0.6)
  jruby-openssl (= 0.7.6.1.patched)
  jruby-rack (= 1.1.4)
  json (= 1.7.3)
  mocha
  mysql2 (= 0.3.16)
  net-ldap
  numbers_in_words (= 0.2.0)
  padrino (= 0.10.5.patched)
  rack (= 1.3.6)
  rack-metrics (= 1.0.4)
  rack-test
  rake (= 10.0.3)
  rest-client
  rubycas-client (= 2.3.11.patched)
  sc-auth (= 1.1.1)
  sc-cache (= 0.0.13)
  sc-core (= 1.1.67)
  sc-lock (= 1.0.0)
  sc-metrics
  sc-mq (= 0.1.3.partitioned)
  sc-rest-client (= 1.1.0)
  sc-test-core (= 0.0.95)
  shoulda (= 3.3.2)
  shoulda-context (= 1.0.2)
  shoulda-matchers (= 1.4.2)
  simplecov
  simplecov-rcov (= 0.2.3)
  sinatra-flash
  state_machine
  test-unit (= 2.4.8)
  thin (= 1.3.1)
  transaction_isolation
  trinidad
  uuidtools
  validates_timeliness
  webmock (= 1.8.6)
  xml-simple
  yajl-ruby (= 1.1.0)
  yard
  yard-padrino
  zk-lock (= 0.0.6)
